GIT
  remote: git://github.com/activeadmin/activeadmin.git
  revision: b794f4b7550dc4756bd76c31221ae3bde6185e5e
  specs:
    activeadmin (1.0.0.pre)
      arbre (~> 1.0, >= 1.0.2)
      bourbon
      coffee-rails
      formtastic (~> 3.0)
      formtastic_i18n
      inherited_resources (~> 1.4.1)
      jquery-rails
      jquery-ui-rails (~> 5.0)
      kaminari (~> 0.15)
      rails (>= 3.2, < 4.2)
      ransack (~> 1.3)
      sass-rails

GIT
  remote: git://github.com/marcroberts/shipwire.git
  revision: 1e3c7ea57d0fd120f797e4b171d4f05b3de864ea
  specs:
    shipwire (0.0.2)
      builder
      httparty (~> 0.13.0)

GIT
  remote: git://github.com/tryshoppe/stripe.git
  revision: 2e8110b34a580cfea4350beef5c9366cb39ab9b4
  specs:
    shoppe-stripe (1.2.1)
      coffee-rails (~> 4.0.0)
      shoppe (> 0.0.9, < 2)
      stripe (~> 1.8.7)

GEM
  remote: https://rubygems.org/
  specs:
    actionmailer (4.1.6)
      actionpack (= 4.1.6)
      actionview (= 4.1.6)
      mail (~> 2.5, >= 2.5.4)
    actionpack (4.1.6)
      actionview (= 4.1.6)
      activesupport (= 4.1.6)
      rack (~> 1.5.2)
      rack-test (~> 0.6.2)
    actionview (4.1.6)
      activesupport (= 4.1.6)
      builder (~> 3.1)
      erubis (~> 2.7.0)
    activemodel (4.1.6)
      activesupport (= 4.1.6)
      builder (~> 3.1)
    activerecord (4.1.6)
      activemodel (= 4.1.6)
      activesupport (= 4.1.6)
      arel (~> 5.0.0)
    activesupport (4.1.6)
      i18n (~> 0.6, >= 0.6.9)
      json (~> 1.7, >= 1.7.7)
      minitest (~> 5.1)
      thread_safe (~> 0.1)
      tzinfo (~> 1.1)
    acts-as-taggable-on (3.3.0)
      activerecord (>= 3, < 5)
    addressable (2.3.6)
    airbrake (3.1.15)
      builder
      multi_json
    arbre (1.0.2)
      activesupport (>= 3.0.0)
    arel (5.0.1.20140414130214)
    autoprefixer-rails (2.2.0.20140727)
      execjs
    bcrypt (3.1.7)
    bcrypt-ruby (3.1.5)
      bcrypt (>= 3.1.3)
    better_errors (1.1.0)
      coderay (>= 1.0.0)
      erubis (>= 2.6.6)
    binding_of_caller (0.7.2)
      debug_inspector (>= 0.0.1)
    bourbon (3.1.8)
      sass (>= 3.2.0)
      thor
    bower-rails (0.8.3)
    builder (3.2.2)
    callsite (0.0.11)
    celluloid (0.15.2)
      timers (~> 1.1.0)
    celluloid-io (0.15.0)
      celluloid (>= 0.15.0)
      nio4r (>= 0.5.0)
    chosen-rails (1.2.0)
      coffee-rails (>= 3.2)
      compass-rails (>= 1.1.2)
      railties (>= 3.0)
      sass-rails (>= 3.2)
    chunky_png (1.3.2)
    climate_control (0.0.3)
      activesupport (>= 3.0)
    cocaine (0.5.4)
      climate_control (>= 0.0.3, < 1.0)
    codemirror-rails (3.21)
      railties (>= 3.0, < 5)
    coderay (1.1.0)
    coffee-rails (4.0.1)
      coffee-script (>= 2.2.0)
      railties (>= 4.0.0, < 5.0)
    coffee-script (2.2.0)
      coffee-script-source
      execjs
    coffee-script-source (1.7.0)
    compass (0.12.2)
      chunky_png (~> 1.2)
      fssm (>= 0.2.7)
      sass (~> 3.1)
    compass-rails (2.0.0)
      compass (>= 0.12.2)
    css_parser (1.3.5)
      addressable
    cssminify (1.0.2)
    dalli (2.7.0)
    debug_inspector (0.0.2)
    devise (3.4.0)
      bcrypt (~> 3.0)
      orm_adapter (~> 0.1)
      railties (>= 3.2.6, < 5)
      responders
      thread_safe (~> 0.1)
      warden (~> 1.2.3)
    dotenv (0.9.0)
    dotenv-rails (0.9.0)
      dotenv (= 0.9.0)
    dynamic_form (1.1.4)
    em-websocket (0.5.0)
      eventmachine (>= 0.12.9)
      http_parser.rb (~> 0.5.3)
    erubis (2.7.0)
    eventmachine (1.0.3)
    excon (0.40.0)
    execjs (2.0.2)
    ffi (1.9.3)
    fog (1.24.0)
      fog-brightbox
      fog-core (~> 1.23)
      fog-json
      fog-radosgw (>= 0.0.2)
      fog-sakuracloud (>= 0.0.4)
      fog-softlayer
      ipaddress (~> 0.5)
      nokogiri (~> 1.5, >= 1.5.11)
    fog-brightbox (0.6.1)
      fog-core (~> 1.22)
      fog-json
      inflecto
    fog-core (1.24.0)
      builder
      excon (~> 0.38)
      formatador (~> 0.2)
      mime-types
      net-scp (~> 1.1)
      net-ssh (>= 2.1.3)
    fog-json (1.0.0)
      multi_json (~> 1.0)
    fog-radosgw (0.0.3)
      fog-core (>= 1.21.0)
      fog-json
      fog-xml (>= 0.0.1)
    fog-sakuracloud (0.1.1)
      fog-core
      fog-json
    fog-softlayer (0.3.21)
      fog-core
      fog-json
    fog-xml (0.1.0)
      fog-core
      nokogiri (~> 1.5, >= 1.5.11)
    formatador (0.2.4)
    formtastic (3.0.0)
      actionpack (>= 3.2.13)
    formtastic_i18n (0.1.1)
    fssm (0.2.10)
    get_process_mem (0.2.0)
    guard (2.4.0)
      formatador (>= 0.2.4)
      listen (~> 2.1)
      lumberjack (~> 1.0)
      pry (>= 0.9.12)
      thor (>= 0.18.1)
    guard-livereload (2.1.1)
      em-websocket (~> 0.5)
      guard (~> 2.0)
      multi_json (~> 1.8)
    guard-pow (2.0.0)
      guard (~> 2.0)
    haml (4.0.5)
      tilt
    handlebars_assets (0.15)
      execjs (>= 1.2.9)
      multi_json
      sprockets (>= 2.0.3)
      tilt
    has_scope (0.6.0.rc)
      actionpack (>= 3.2, < 5)
      activesupport (>= 3.2, < 5)
    heroku-deflater (0.5.3)
      rack (>= 1.4.5)
    hike (1.2.3)
    htmlentities (4.3.1)
    http_parser.rb (0.5.3)
    httparty (0.13.3)
      json (~> 1.8)
      multi_xml (>= 0.5.2)
    i18n (0.6.11)
    inflecto (0.0.2)
    inherited_resources (1.4.1)
      has_scope (~> 0.6.0.rc)
      responders (~> 1.0.0.rc)
    ipaddress (0.8.0)
    ish (0.0.1)
      rake
    jquery-rails (3.1.2)
      railties (>= 3.0, < 5.0)
      thor (>= 0.14, < 2.0)
    jquery-ui-rails (5.0.2)
      railties (>= 3.2.16)
    json (1.8.1)
    kaminari (0.15.1)
      actionpack (>= 3.0.0)
      activesupport (>= 3.0.0)
    kgio (2.9.2)
    kramdown (1.3.2)
    listen (2.5.0)
      celluloid (>= 0.15.2)
      celluloid-io (>= 0.15.0)
      rb-fsevent (>= 0.9.3)
      rb-inotify (>= 0.9)
    lograge (0.2.2)
      actionpack (>= 3)
      activesupport (>= 3)
      railties (>= 3)
    lumberjack (1.0.4)
    mail (2.6.1)
      mime-types (>= 1.16, < 3)
    memcachier (0.0.2)
    meta_request (0.2.8)
      callsite
      rack-contrib
      railties
    method_source (0.8.2)
    mime-types (2.4.3)
    mini_portile (0.5.3)
    minitest (5.4.2)
    multi_json (1.10.1)
    multi_xml (0.5.5)
    neat (1.5.0)
      bourbon (>= 2.1)
      sass (>= 3.2)
    net-scp (1.2.1)
      net-ssh (>= 2.6.5)
    net-ssh (2.9.1)
    newrelic_rpm (3.9.3.241)
    nifty-attachments (1.0.3)
    nifty-dialog (1.0.6)
    nifty-key-value-store (1.0.2)
    nifty-utils (1.0.2)
    nio4r (1.0.0)
    nokogiri (1.6.1)
      mini_portile (~> 0.5.0)
    numbers_and_words (0.10.0)
      activesupport
      i18n
    orm_adapter (0.5.0)
    paperclip (4.2.0)
      activemodel (>= 3.0.0)
      activesupport (>= 3.0.0)
      cocaine (~> 0.5.3)
      mime-types
    pg (0.17.1)
    polyamorous (1.1.0)
      activerecord (>= 3.0)
    premailer (1.8.2)
      css_parser (>= 1.3.5)
      htmlentities (>= 4.0.0)
    premailer-rails (1.7.0)
      actionmailer (>= 3, < 5)
      premailer (~> 1.7, >= 1.7.9)
    pry (0.9.12.6)
      coderay (~> 1.0)
      method_source (~> 0.8)
      slop (~> 3.4)
    puma (2.7.1)
      rack (>= 1.1, < 2.0)
    puma_worker_killer (0.0.3)
      get_process_mem (~> 0.1)
      puma (~> 2.7)
    quiet_assets (1.0.2)
      railties (>= 3.1, < 5.0)
    rack (1.5.2)
    rack-contrib (1.1.0)
      rack (>= 0.9.1)
    rack-mini-profiler (0.9.0)
      rack (>= 1.1.3)
    rack-no-www (0.0.2)
    rack-test (0.6.2)
      rack (>= 1.0)
    rails (4.1.6)
      actionmailer (= 4.1.6)
      actionpack (= 4.1.6)
      actionview (= 4.1.6)
      activemodel (= 4.1.6)
      activerecord (= 4.1.6)
      activesupport (= 4.1.6)
      bundler (>= 1.3.0, < 2.0)
      railties (= 4.1.6)
      sprockets-rails (~> 2.0)
    rails_12factor (0.0.2)
      rails_serve_static_assets
      rails_stdout_logging
    rails_serve_static_assets (0.0.2)
    rails_stdout_logging (0.0.3)
    railties (4.1.6)
      actionpack (= 4.1.6)
      activesupport (= 4.1.6)
      rake (>= 0.8.7)
      thor (>= 0.18.1, < 2.0)
    rake (10.3.2)
    ransack (1.4.1)
      actionpack (>= 3.0)
      activerecord (>= 3.0)
      activesupport (>= 3.0)
      i18n
      polyamorous (~> 1.1)
    rb-fsevent (0.9.4)
    rb-inotify (0.9.3)
      ffi (>= 0.5.0)
    responders (1.0.0)
      railties (>= 3.2, < 5)
    rest-client (1.6.7)
      mime-types (>= 1.16)
    sass (3.2.19)
    sass-rails (4.0.3)
      railties (>= 4.0.0, < 5.0)
      sass (~> 3.2.0)
      sprockets (~> 2.8, <= 2.11.0)
      sprockets-rails (~> 2.0)
    second_level_cache (2.1.2)
      activerecord (> 4.0.0, < 5.0)
      activesupport (> 4.0.0, < 5.0)
    shoppe (1.0.2)
      bcrypt-ruby (~> 3.1, >= 3.1.2)
      coffee-rails (~> 4)
      dynamic_form (~> 1.1, >= 1.1.4)
      haml (~> 4.0)
      jquery-rails (~> 3)
      kaminari (>= 0.14.1, < 0.16)
      nifty-attachments (>= 1.0.3, < 2.0.0)
      nifty-dialog (~> 1.0)
      nifty-key-value-store (>= 1.0.1, < 2.0.0)
      nifty-utils (~> 1.0)
      rails (>= 4.0.0, < 5.0)
      ransack (~> 1.2)
      sass-rails (~> 4.0)
      uglifier (>= 2.2, < 3.0)
    slop (3.4.7)
    smarter_csv (1.0.19)
    sprockets (2.11.0)
      hike (~> 1.2)
      multi_json (~> 1.0)
      rack (~> 1.0)
      tilt (~> 1.1, != 1.3.0)
    sprockets-image_compressor (0.2.2)
      sprockets
    sprockets-rails (2.2.0)
      actionpack (>= 3.0)
      activesupport (>= 3.0)
      sprockets (>= 2.8, < 4.0)
    stripe (1.8.8)
      multi_json (>= 1.0.4, < 2)
      rest-client (~> 1.4)
    terminal-notifier-guard (1.5.3)
    thor (0.19.1)
    thread_safe (0.3.4)
    tilt (1.4.1)
    timers (1.1.0)
    tzinfo (1.2.2)
      thread_safe (~> 0.1)
    uglifier (2.4.0)
      execjs (>= 0.3.0)
      json (>= 1.8.0)
    warden (1.2.3)
      rack (>= 1.0)

PLATFORMS
  ruby

DEPENDENCIES
  activeadmin!
  acts-as-taggable-on
  airbrake
  autoprefixer-rails
  bcrypt (~> 3.1.2)
  better_errors
  binding_of_caller
  bourbon
  bower-rails (~> 0.8.3)
  chosen-rails
  codemirror-rails
  coffee-rails (~> 4.0.0)
  cssminify
  dalli
  devise (~> 3.4.0)
  dotenv-rails
  fog (~> 1.21)
  guard-livereload
  guard-pow
  handlebars_assets
  heroku-deflater
  ish
  kgio
  kramdown
  lograge
  memcachier
  meta_request
  neat
  newrelic_rpm
  nokogiri
  numbers_and_words
  paperclip (~> 4.2.0)
  pg
  premailer-rails
  puma
  puma_worker_killer
  quiet_assets
  rack-mini-profiler
  rack-no-www
  rails (~> 4.1.0)
  rails_12factor
  sass-rails (~> 4.0.0)
  second_level_cache (~> 2.1.2)
  shipwire!
  shoppe (~> 1.0.2)
  shoppe-stripe!
  smarter_csv
  sprockets-image_compressor
  stripe
  terminal-notifier-guard
  uglifier (>= 1.3.0)
